GIT
  remote: git://github.com/sourcery/yomu.git
  revision: 7c30c117a67f96fd798ad009083a6b5bda16858a
  specs:
    yomu (0.1.4)

GEM
  remote: https://rubygems.org/
  specs:
    airbrake (3.1.6)
      builder
      girl_friday
    builder (3.0.4)
    calais (0.0.13)
      json (>= 1.1.3)
      nokogiri (>= 1.3.3)
    connection_pool (0.9.2)
    diff-lcs (1.1.3)
    girl_friday (0.11.1)
      connection_pool (~> 0.9.0)
      rubinius-actor
    json (1.7.5)
    nokogiri (1.5.5)
    rack (1.4.1)
    rack-protection (1.2.0)
      rack
    rack-test (0.6.2)
      rack (>= 1.0)
    rsolr (1.0.8)
      builder (>= 2.1.2)
    rspec (2.9.0)
      rspec-core (~> 2.9.0)
      rspec-expectations (~> 2.9.0)
      rspec-mocks (~> 2.9.0)
    rspec-core (2.9.0)
    rspec-expectations (2.9.1)
      diff-lcs (~> 1.1.3)
    rspec-mocks (2.9.0)
    rubinius-actor (0.0.2)
      rubinius-core-api
    rubinius-core-api (0.0.1)
    sinatra (1.3.3)
      rack (~> 1.3, >= 1.3.6)
      rack-protection (~> 1.2)
      tilt (~> 1.3, >= 1.3.3)
    tilt (1.3.3)

PLATFORMS
  ruby

DEPENDENCIES
  airbrake
  calais
  rack-test
  rsolr
  rspec
  sinatra
  yomu!
