GEM
  specs:
    builder (3.0.4)
    nokogiri (1.5.5)
    pr_geohash (1.0.0)
    rack (1.4.1)
    rack-protection (1.2.0)
      rack
    rsolr (1.0.8)
      builder (>= 2.1.2)
    sinatra (1.3.3)
      rack (~> 1.3, >= 1.3.6)
      rack-protection (~> 1.2)
      tilt (~> 1.3, >= 1.3.3)
    sunspot (1.3.3)
      pr_geohash (~> 1.0)
      rsolr (~> 1.0.7)
    sunspot_rails (1.3.3)
      nokogiri
      sunspot (= 1.3.3)
    tilt (1.3.3)
    yomu (0.1.4)

PLATFORMS
  ruby

DEPENDENCIES
  sinatra
  sunspot_rails
  yomu
